GEM
  specs:
    nokogiri (1.11.3-x86_64-linux)
      racc (~> 1.4)
    racc (1.5.2)

PLATFORMS
  ruby

DEPENDENCIES
  nokogiri

BUNDLED WITH
   2.1.4
